GEM
  remote: https://rubygems.org/
  specs:
    addressable (2.3.8)
    asciidoctor (1.5.2)
    asciidoctor-diagram (1.2.1)
      asciidoctor (~> 1.5.0)
      rjb (~> 1.4.8)
    celluloid (0.16.0)
      timers (~> 4.0.0)
    coderay (1.1.0)
    ffi (1.9.8-x64-mingw32)
    hitimes (1.2.2)
    launchy (2.4.3)
      addressable (~> 2.3)
    listen (2.10.0)
      celluloid (~> 0.16.0)
      rb-fsevent (>= 0.9.3)
      rb-inotify (>= 0.9)
    rb-fsevent (0.9.4)
    rb-inotify (0.9.5)
      ffi (>= 0.5.0)
    rjb (1.4.9)
    rouge (1.8.0)
    slop (4.1.0)
    thread_safe (0.3.5)
    tilt (2.0.1)
    timers (4.0.1)
      hitimes
    wdm (0.1.0)
    webrick (1.3.1)

PLATFORMS
  x64-mingw32

DEPENDENCIES
  asciidoctor
  asciidoctor-diagram (~> 1.2.1)
  coderay
  launchy (~> 2.4.3)
  listen (~> 2.7)
  rouge
  slop (~> 4.1.0)
  thread_safe
  tilt
  wdm (>= 0.1.0)
  webrick
